PATH
  remote: .
  specs:
    mystery_maker (0.1.0)
      faker
      sqlite3 (~> 1.4.2)

GEM
  remote: https://rubygems.org/
  specs:
    coderay (1.1.3)
    concurrent-ruby (1.1.9)
    faker (2.19.0)
      i18n (>= 1.6, < 2)
    i18n (1.8.11)
      concurrent-ruby (~> 1.0)
    method_source (1.0.0)
    pry (0.14.1)
      coderay (~> 1.1)
      method_source (~> 1.0)
    rake (13.0.6)
    sqlite3 (1.4.2)

PLATFORMS
  arm64-darwin-20

DEPENDENCIES
  mystery_maker!
  pry (~> 0.14.1)
  rake (~> 13.0)

BUNDLED WITH
   2.2.3
